GEM
  remote: https://rubygems.org/
  specs:
    addressable (2.3.2)
    chunky_png (1.2.7)
    coderay (1.0.8)
    compass (0.12.2)
      chunky_png (~> 1.2)
      fssm (>= 0.2.7)
      sass (~> 3.1)
    em-websocket (0.3.8)
      addressable (>= 2.1.1)
      eventmachine (>= 0.12.9)
    eventmachine (1.0.0)
    ffi (1.3.1)
    fssm (0.2.9)
    guard (1.6.1)
      listen (>= 0.6.0)
      lumberjack (>= 1.0.2)
      pry (>= 0.9.10)
      thor (>= 0.14.6)
    guard-compass (0.0.6)
      compass (>= 0.10.5)
      guard (>= 0.2.1)
    guard-livereload (1.1.3)
      em-websocket (>= 0.2.0)
      guard (>= 1.5.0)
      multi_json (~> 1.0)
    listen (0.7.2)
    lumberjack (1.0.2)
    method_source (0.8.1)
    modular-scale (1.0.6)
      compass (>= 0.12.1)
      sass (>= 3.2.0)
      sassy-math (>= 1.5)
    multi_json (1.5.0)
    pry (0.9.11.1)
      coderay (~> 1.0.5)
      method_source (~> 0.8)
      slop (~> 3.4)
    rake (10.0.3)
    rb-inotify (0.8.8)
      ffi (>= 0.5.0)
    sass (3.2.5)
    sassy-math (1.5)
      compass (~> 0.11)
    slop (3.4.3)
    thor (0.16.0)
    yajl-ruby (1.1.0)
    zurb-foundation (3.2.4)
      compass (>= 0.12.2)
      modular-scale (= 1.0.6)
      rake
      sass (>= 3.2.0)

PLATFORMS
  ruby

DEPENDENCIES
  compass
  guard
  guard-compass
  guard-livereload
  rb-inotify (~> 0.8.8)
  yajl-ruby
  zurb-foundation
